GEM
  remote: http://rubygems.org/
  specs:
    ZenTest (4.6.2)
    activesupport (3.0.0)
    autotest (4.4.6)
      ZenTest (>= 4.4.1)
    autotest-growl (0.2.11)
    bson (1.0.7)
    capybara (0.3.9)
      culerity (>= 0.2.4)
      mime-types (>= 1.16)
      nokogiri (>= 1.3.3)
      rack (>= 1.0.0)
      rack-test (>= 0.5.4)
      selenium-webdriver (>= 0.0.3)
    culerity (0.2.12)
    database_cleaner (0.5.2)
    durran-validatable (2.0.1)
    ffi (0.6.3)
      rake (>= 0.8.7)
    haml (3.0.18)
    json_pure (1.4.6)
    mime-types (1.16)
    mongo (1.0.8)
      bson (>= 1.0.5)
    mongoid (1.9.1)
      activesupport (<= 3.0.0)
      bson (~> 1.0.1)
      durran-validatable (>= 2.0.1)
      mongo (~> 1.0.1)
      will_paginate (< 2.9)
    nokogiri (1.4.3.1)
    rack (1.2.1)
    rack-test (0.5.4)
      rack (>= 1.0)
    rake (0.8.7)
    redgreen (1.2.2)
    rspec (1.3.0)
    rspec-rails (1.3.2)
      rack (>= 1.0.0)
      rspec (>= 1.3.0)
    rubyzip (0.9.4)
    selenium-webdriver (0.0.28)
      ffi (>= 0.6.1)
      json_pure
      rubyzip
    sinatra (1.0)
      rack (>= 1.0)
    steak (0.3.8)
      rspec (>= 1.3.0)
    will_paginate (2.3.15)

PLATFORMS
  ruby

DEPENDENCIES
  autotest
  autotest-growl
  capybara
  database_cleaner
  haml
  mongoid
  rack-test
  redgreen
  rspec-rails
  sinatra
  steak
