GEM
  remote: http://rubygems.org/
  specs:
    activemodel (3.1.0)
      activesupport (= 3.1.0)
      bcrypt-ruby (~> 3.0.0)
      builder (~> 3.0.0)
      i18n (~> 0.6)
    activesupport (3.1.0)
      multi_json (~> 1.0)
    addressable (2.2.6)
    bcrypt-ruby (3.0.1)
    bson (1.3.1)
    builder (3.0.0)
    capybara (0.3.9)
      culerity (>= 0.2.4)
      mime-types (>= 1.16)
      nokogiri (>= 1.3.3)
      rack (>= 1.0.0)
      rack-test (>= 0.5.4)
      selenium-webdriver (>= 0.0.3)
    culerity (0.2.12)
    daemons (1.1.4)
    database_cleaner (0.5.2)
    eventmachine (0.12.10)
    ffi (0.6.3)
      rake (>= 0.8.7)
    foreman (0.22.0)
      term-ansicolor (~> 1.0.5)
      thor (>= 0.13.6)
    haml (3.0.18)
    heroku (2.7.0)
      launchy (>= 0.3.2)
      rest-client (~> 1.6.1)
      rubyzip
      term-ansicolor (~> 1.0.5)
    i18n (0.6.0)
    json_pure (1.4.6)
    launchy (2.0.5)
      addressable (~> 2.2.6)
    mime-types (1.16)
    mongo (1.3.1)
      bson (>= 1.3.1)
    mongoid (2.2.0)
      activemodel (~> 3.0)
      mongo (~> 1.3)
      tzinfo (~> 0.3.22)
    multi_json (1.0.3)
    nokogiri (1.4.3.1)
    rack (1.2.1)
    rack-test (0.5.4)
      rack (>= 1.0)
    rake (0.8.7)
    rest-client (1.6.7)
      mime-types (>= 1.16)
    rspec (1.3.0)
    rspec-rails (1.3.2)
      rack (>= 1.0.0)
      rspec (>= 1.3.0)
    rubyzip (0.9.4)
    selenium-webdriver (0.0.28)
      ffi (>= 0.6.1)
      json_pure
      rubyzip
    sinatra (1.0)
      rack (>= 1.0)
    steak (1.1.0)
      rspec (>= 1.3)
    term-ansicolor (1.0.6)
    thin (1.2.7)
      daemons (>= 1.0.9)
      eventmachine (>= 0.12.6)
      rack (>= 1.0.0)
    thor (0.14.6)
    tzinfo (0.3.29)

PLATFORMS
  ruby

DEPENDENCIES
  capybara
  database_cleaner
  foreman
  haml
  heroku
  mongoid (~> 2.2)
  rspec-rails
  sinatra
  steak
  thin (= 1.2.7)
